GEM
  remote: https://rubygems.org/
  specs:
    file-tail (1.0.12)
      tins (~> 0.5)
    mini_portile (0.5.3)
    nokogiri (1.6.2.rc2)
      mini_portile (~> 0.5.2)
    nokogiri (1.6.2.rc2-java)
    ruby2ruby (2.1.0)
      ruby_parser (~> 3.1)
      sexp_processor (~> 4.0)
    rubyXL (2.5.1)
      nokogiri (>= 1.4.4)
      rubyzip (>= 1.0.0)
    ruby_parser (3.6.0)
      sexp_processor (~> 4.1)
    rubyzip (1.1.3)
    sexp_processor (4.4.3)
    sourcify (0.5.0)
      file-tail (>= 1.0.5)
      ruby2ruby (>= 1.2.5)
      ruby_parser (>= 2.0.5)
      sexp_processor (>= 3.0.5)
    thread_safe (0.3.3)
    thread_safe (0.3.3-java)
    tins (0.13.2)

PLATFORMS
  java
  ruby

DEPENDENCIES
  nokogiri (~> 1.6.2.rc2)
  rubyXL
  sourcify
  thread_safe
